PATH
  remote: product_feeds
  specs:
    product_feeds (1.0.0)
      spree_core (>= 0.40.0)

GEM
  remote: http://rubygems.org/
  specs:
    abstract (1.0.0)
    actionmailer (3.0.4)
      actionpack (= 3.0.4)
      mail (~> 2.2.15)
    actionpack (3.0.4)
      activemodel (= 3.0.4)
      activesupport (= 3.0.4)
      builder (~> 2.1.2)
      erubis (~> 2.6.6)
      i18n (~> 0.4)
      rack (~> 1.2.1)
      rack-mount (~> 0.6.13)
      rack-test (~> 0.5.7)
      tzinfo (~> 0.3.23)
    active_shipping (0.9.3)
      activesupport (>= 2.3.5)
    activemerchant (1.9.0)
      activesupport (>= 2.3.2)
      braintree (>= 2.0.0)
      builder (>= 2.0.0)
    activemodel (3.0.4)
      activesupport (= 3.0.4)
      builder (~> 2.1.2)
      i18n (~> 0.4)
    activerecord (3.0.4)
      activemodel (= 3.0.4)
      activesupport (= 3.0.4)
      arel (~> 2.0.2)
      tzinfo (~> 0.3.23)
    activeresource (3.0.4)
      activemodel (= 3.0.4)
      activesupport (= 3.0.4)
    activesupport (3.0.4)
    acts_as_list (0.1.2)
    annotate-models (1.0.4)
    arel (2.0.9)
    bcrypt-ruby (2.1.4)
    braintree (2.9.1)
      builder
    builder (2.1.2)
    cancan (1.3.3)
    compass (0.10.6)
      haml (>= 3.0.4)
    devise (1.2.rc)
      bcrypt-ruby (~> 2.1.2)
      orm_adapter (~> 0.0.2)
      warden (~> 1.0.2)
    diff-lcs (1.1.2)
    erubis (2.6.6)
      abstract (>= 1.0.0)
    factory_girl (1.3.3)
    factory_girl_rails (1.0.1)
      factory_girl (~> 1.3)
      railties (>= 3.0.0)
    faker (0.9.4)
      i18n (~> 0.4)
    haml (3.0.25)
    highline (1.5.1)
    hoptoad_notifier (2.4.9)
      activesupport
      builder
    htmlentities (4.3.0)
    i18n (0.5.0)
    jquery-rails (0.2.2)
      rails (~> 3.0)
    mail (2.2.15)
      activesupport (>= 2.3.6)
      i18n (>= 0.4.0)
      mime-types (~> 1.16)
      treetop (~> 1.4.8)
    meta_search (1.0.3)
      actionpack (~> 3.0.2)
      activerecord (~> 3.0.2)
      activesupport (~> 3.0.2)
      arel (~> 2.0.2)
    mime-types (1.16)
    mustache (0.99.3)
    mysql2 (0.2.7)
    nokogiri (1.4.4)
    orm_adapter (0.0.4)
    paperclip (2.3.8)
      activerecord
      activesupport
    polyglot (0.3.1)
    rack (1.2.2)
    rack-mount (0.6.14)
      rack (>= 1.0.0)
    rack-test (0.5.7)
      rack (>= 1.0)
    rails (3.0.4)
      actionmailer (= 3.0.4)
      actionpack (= 3.0.4)
      activerecord (= 3.0.4)
      activeresource (= 3.0.4)
      activesupport (= 3.0.4)
      bundler (~> 1.0)
      railties (= 3.0.4)
    railties (3.0.4)
      actionpack (= 3.0.4)
      activesupport (= 3.0.4)
      rake (>= 0.8.7)
      thor (~> 0.14.4)
    rake (0.8.7)
    rcov (0.9.9)
    rd_awesome_nested_set (1.4.4)
      activerecord (>= 1.1)
    rd_resource_controller (1.0.1)
    rd_searchlogic (3.0.0)
      activerecord (>= 3.0.0)
    rd_unobtrusive_date_picker (0.1.0)
    rspec (2.5.0)
      rspec-core (~> 2.5.0)
      rspec-expectations (~> 2.5.0)
      rspec-mocks (~> 2.5.0)
    rspec-core (2.5.1)
    rspec-expectations (2.5.0)
      diff-lcs (~> 1.1.2)
    rspec-mocks (2.5.0)
    rspec-rails (2.5.0)
      actionpack (~> 3.0)
      activesupport (~> 3.0)
      railties (~> 3.0)
      rspec (~> 2.5.0)
    spree (0.40.3)
      spree_api (= 0.40.3)
      spree_auth (= 0.40.3)
      spree_core (= 0.40.3)
      spree_dash (= 0.40.3)
      spree_promo (= 0.40.3)
      spree_sample (= 0.40.3)
    spree_active_shipping (1.0.0)
      active_shipping (= 0.9.3)
      activemerchant (= 1.9.0)
      spree_core (>= 0.30.1)
    spree_api (0.40.3)
      spree_core (= 0.40.3)
    spree_auth (0.40.3)
      cancan (= 1.3.3)
      devise (= 1.2.rc)
      spree_core (= 0.40.3)
    spree_core (0.40.3)
      activemerchant (= 1.9.0)
      acts_as_list (= 0.1.2)
      faker (= 0.9.4)
      highline (= 1.5.1)
      jquery-rails (= 0.2.2)
      paperclip (= 2.3.8)
      rails (= 3.0.4)
      rd_awesome_nested_set (= 1.4.4)
      rd_resource_controller
      rd_searchlogic (= 3.0.0)
      rd_unobtrusive_date_picker (= 0.1.0)
      state_machine (= 0.9.4)
      stringex (= 1.0.3)
      will_paginate (= 3.0.pre2)
    spree_dash (0.40.3)
      spree_core (= 0.40.3)
    spree_mail (0.40.0.4)
      mail (>= 2.2.0)
      meta_search (>= 1.0.1)
      mustache (>= 0.12.0)
      spree_auth (>= 0.30.1)
      spree_core (>= 0.30.1)
    spree_promo (0.40.3)
      spree_core (= 0.40.3)
    spree_sample (0.40.3)
      spree_core (= 0.40.3)
    sqlite3 (1.3.3)
    sqlite3-ruby (1.3.3)
      sqlite3 (>= 1.3.3)
    state_machine (0.9.4)
    stringex (1.0.3)
    thor (0.14.6)
    treetop (1.4.9)
      polyglot (>= 0.3.1)
    tzinfo (0.3.26)
    warden (1.0.3)
      rack (>= 1.0.0)
    will_paginate (3.0.pre2)

PLATFORMS
  ruby

DEPENDENCIES
  annotate-models
  compass
  factory_girl_rails
  faker
  hoptoad_notifier
  htmlentities
  mysql2
  nokogiri
  product_feeds!
  rails
  rcov
  rspec-rails
  spree (= 0.40.3)
  spree_active_shipping
  spree_mail
  sqlite3-ruby
